GEM
  remote: http://rubygems.org/
  specs:
    activesupport (3.0.5)
    json (1.5.1)
    pg (0.10.1)
    rack (1.2.1)
    sinatra (1.2.0)
      rack (~> 1.1)
      tilt (>= 1.2.2, < 2.0)
    tilt (1.2.2)

PLATFORMS
  ruby

DEPENDENCIES
  activesupport
  json
  pg (<= 0.10.1)
  sinatra
