GEM
  remote: http://rubygems.org/
  specs:
    activesupport (3.0.7)
    capistrano (2.6.0)
      highline
      net-scp (>= 1.0.0)
      net-sftp (>= 2.0.0)
      net-ssh (>= 2.0.14)
      net-ssh-gateway (>= 1.1.0)
    capistrano-ext (1.2.1)
      capistrano (>= 1.0.0)
    highline (1.6.2)
    json (1.5.1)
    net-scp (1.0.4)
      net-ssh (>= 1.99.1)
    net-sftp (2.0.5)
      net-ssh (>= 2.0.9)
    net-ssh (2.1.4)
    net-ssh-gateway (1.1.0)
      net-ssh (>= 1.99.1)
    pg (0.10.1)
    rack (1.2.1)
    rake (10.1.0)
    rvm-capistrano (1.4.1)
      capistrano (>= 2.0.0)
    sinatra (1.2.0)
      rack (~> 1.1)
      tilt (>= 1.2.2, < 2.0)
    tilt (1.2.2)

PLATFORMS
  ruby

DEPENDENCIES
  activesupport (= 3.0.7)
  capistrano
  capistrano-ext
  json
  pg
  rake
  rvm-capistrano
  sinatra
